GIT
  remote: git://github.com/celsworth/cae-logger.git
  revision: dff21f6b9179df564309b06705014fd089b0d2a3
  specs:
    cae-logger (2.2.0)
      ansi

GEM
  remote: https://rubygems.org/
  specs:
    ansi (1.5.0)
    ast (2.4.0)
    autoprefixer-rails (9.4.5)
      execjs
    bcrypt (3.1.12)
    better_errors (2.5.0)
      coderay (>= 1.0.0)
      erubi (>= 1.0.0)
      rack (>= 0.9.0)
    binding_of_caller (0.8.0)
      debug_inspector (>= 0.0.1)
    coderay (1.0.9)
    coderay_bash (1.0.7)
      coderay (>= 1.0)
    dalli (2.7.9)
    debug_inspector (0.0.3)
    diffy (3.3.0)
    erubi (1.8.0)
    execjs (2.7.0)
    ffi (1.9.25)
    haml (5.0.4)
      temple (>= 0.8.0)
      tilt
    jaro_winkler (1.5.2)
    kgio (2.11.2)
    kramdown (2.0.0)
    kramdown-parser-gfm (1.0.1)
      kramdown (~> 2.0)
    kramdown-syntax-coderay (1.0.0)
      coderay (~> 1.0.0)
      kramdown (~> 2.0)
    libv8 (6.7.288.46.1)
    method_source (0.9.2)
    mini_racer (0.2.4)
      libv8 (>= 6.3)
    parallel (1.13.0)
    parser (2.6.0.0)
      ast (~> 2.4.0)
    pg (1.1.4)
    powerpack (0.1.2)
    pry (0.9.12.6)
      coderay (~> 1.0)
      method_source (~> 0.8)
      slop (~> 3.4)
    rack (2.2.3)
    rack-test (1.1.0)
      rack (>= 1.0, < 3)
    rack-unreloader (1.6.0)
    rack_csrf (2.6.0)
      rack (>= 1.1.0)
    racksh (1.0.0)
      rack (>= 1.0)
      rack-test (>= 0.5)
    rainbow (3.0.0)
    raindrops (0.19.0)
    rake (12.3.2)
    roda (3.16.0)
      rack
    rubocop (0.63.0)
      jaro_winkler (~> 1.5.1)
      parallel (~> 1.10)
      parser (>= 2.5, != 2.5.1.1)
      powerpack (~> 0.1)
      rainbow (>= 2.2.2, < 4.0)
      ruby-progressbar (~> 1.7)
      unicode-display_width (~> 1.4.0)
    ruby-progressbar (1.10.0)
    sassc (2.0.0)
      ffi (~> 1.9.6)
      rake
    sequel (5.16.0)
    sequel_pg (1.11.0)
      pg (>= 0.18.0)
      sequel (>= 4.38.0)
    slop (3.6.0)
    temple (0.8.0)
    tilt (2.0.9)
    unicode-display_width (1.4.1)
    unicorn (5.4.1)
      kgio (~> 2.6)
      raindrops (~> 0.7)
    yuicompressor (1.3.3)

PLATFORMS
  ruby

DEPENDENCIES
  ansi
  autoprefixer-rails
  bcrypt
  better_errors
  binding_of_caller
  cae-logger!
  coderay
  coderay_bash
  dalli
  diffy
  haml
  kgio
  kramdown
  kramdown-parser-gfm
  kramdown-syntax-coderay
  mini_racer
  pg
  pry
  rack-unreloader
  rack_csrf
  racksh
  rake
  roda
  rubocop
  sassc
  sequel
  sequel_pg
  unicorn
  yuicompressor

BUNDLED WITH
   1.16.2
